GEM
  remote: https://rubygems.org/
  specs:
    rack (1.6.0)
    rulers (0.0.2)
      rack

PLATFORMS
  ruby

DEPENDENCIES
  rulers (= 0.0.2)
